{
  "AcquisitionMatrixPE": 256,
  "AcquisitionNumber": 1,
  "AcquisitionTime": "10:28:17.850000",
  "BaseResolution": 256,
  "BodyPartExamined": "BRAIN",
  "ConsistencyInfo": "N4_VE11C_LATEST_20160120",
  "ConversionSoftware": "dcm2niix",
  "ConversionSoftwareVersion": "v1.0.20190410  GCC6.3.0",
  "DeviceSerialNumber": "66044",
  "EchoTime": 0.00169,
  "FlipAngle": 7,
  "ImageComments": "CBPD0162_2@mackeylab:CBPD_data",
  "ImageOrientationPatientDICOM": [-0.0124047, 0.998936, 0.0444202, -0.0570772, 0.0436438, -0.997415],
  "ImageType": [
    "ORIGINAL",
    "PRIMARY",
    "OTHER",
    "ND",
    "NORM",
    "MEAN"
],
  "ImagingFrequency": 123.263,
  "InPlanePhaseEncodingDirectionDICOM": "ROW",
  "InstitutionAddress": "Curie_Blvd._422_Philadelphia_PA_US_19104",
  "InstitutionName": "Hospital_Univ._of_Pennsylvania",
  "InversionTime": 1.33,
  "MRAcquisitionType": "3D",
  "MagneticFieldStrength": 3,
  "Manufacturer": "Siemens",
  "ManufacturersModelName": "Prisma",
  "Modality": "MR",
  "NumberOfAverages": 4,
  "PartialFourier": 1,
  "PatientPosition": "HFS",
  "PercentPhaseFOV": 100,
  "PhaseEncodingSteps": 255,
  "PhaseResolution": 1,
  "PixelBandwidth": 650,
  "ProcedureStepDescription": "CAMRIS_Mackey",
  "ProtocolName": "Mackey_vNav_MPRAGE_1mm_p3",
  "PulseSequenceDetails": "%CustomerSeq%_tfl_mgh_epinav_ABCD",
  "ReceiveCoilActiveElements": "HEA;HEP",
  "ReceiveCoilName": "Head_32",
  "ReconMatrixPE": 256,
  "RefLinesPE": 32,
  "RepetitionTime": 2.53,
  "SAR": 0.0384803,
  "ScanOptions": "IR_WE",
  "ScanningSequence": "GR_IR",
  "SequenceName": "tfl3d4_16ns",
  "SequenceVariant": "SK_SP_MP",
  "SeriesDescription": "Mackey_vNav_MPRAGE_1mm_p3_RMS",
  "SeriesNumber": 20,
  "ShimSetting": [3748, 2493, 413, 394, -2, -62, 0, 49],
  "SliceThickness": 1,
  "SoftwareVersions": "syngo_MR_E11",
  "StationName": "AWP66044",
  "TxRefAmp": 221.822,
  "WipMemBlock": "Prisma_epi_moco_navigator_ABCD_tfl.prot"
}