{
  "AcquisitionMatrixPE": 256,
  "AcquisitionNumber": 1,
  "AcquisitionTime": "09:52:45.510000",
  "BaseResolution": 256,
  "BodyPartExamined": "BRAIN",
  "ConsistencyInfo": "N4_VE11C_LATEST_20160120",
  "ConversionSoftware": "dcm2niix",
  "ConversionSoftwareVersion": "v1.0.20190410  GCC6.3.0",
  "DeviceSerialNumber": "66044",
  "EchoTime": 0.00169,
  "FlipAngle": 7,
  "ImageComments": "CBPD0209@mackeylab:CBPD_data",
  "ImageOrientationPatientDICOM": [0.112749, 0.981283, 0.156112, -0.156478, 0.172689, -0.972468],
  "ImageType": [
    "ORIGINAL",
    "PRIMARY",
    "OTHER",
    "ND",
    "NORM",
    "MEAN"
],
  "ImagingFrequency": 123.263,
  "InPlanePhaseEncodingDirectionDICOM": "ROW",
  "InstitutionAddress": "Curie_Blvd._422_Philadelphia_PA_US_19104",
  "InstitutionName": "SC3T",
  "InversionTime": 1.33,
  "MRAcquisitionType": "3D",
  "MagneticFieldStrength": 3,
  "Manufacturer": "Siemens",
  "ManufacturersModelName": "Prisma",
  "Modality": "MR",
  "NumberOfAverages": 4,
  "PartialFourier": 1,
  "PatientPosition": "HFS",
  "PercentPhaseFOV": 100,
  "PhaseEncodingSteps": 255,
  "PhaseResolution": 1,
  "PixelBandwidth": 650,
  "ProcedureStepDescription": "CAMRIS_Mackey",
  "ProtocolName": "Mackey_vNav_MPRAGE_1mm_p3",
  "PulseSequenceDetails": "%CustomerSeq%_tfl_mgh_epinav_ABCD",
  "ReceiveCoilActiveElements": "HEA;HEP",
  "ReceiveCoilName": "Head_32",
  "ReconMatrixPE": 256,
  "RefLinesPE": 32,
  "RepetitionTime": 2.53,
  "SAR": 0.0306793,
  "ScanOptions": "IR_WE",
  "ScanningSequence": "GR_IR",
  "SequenceName": "tfl3d4_16ns",
  "SequenceVariant": "SK_SP_MP",
  "SeriesDescription": "Mackey_vNav_MPRAGE_1mm_p3_RMS",
  "SeriesNumber": 10,
  "ShimSetting": [3720, 2419, 382, 267, 72, -281, -18, 143],
  "SliceThickness": 1,
  "SoftwareVersions": "syngo_MR_E11",
  "StationName": "AWP66044",
  "TxRefAmp": 213.043,
  "WipMemBlock": "Prisma_epi_moco_navigator_ABCD_tfl.prot"
}