{
  "AcquisitionMatrixPE": 96,
  "AcquisitionNumber": 1,
  "AcquisitionTime": "10:17:20.142500",
  "BandwidthPerPixelPhaseEncode": 16.276,
  "BaseResolution": 96,
  "BodyPartExamined": "BRAIN",
  "ConsistencyInfo": "N4_VE11C_LATEST_20160120",
  "ConversionSoftware": "dcm2niix",
  "ConversionSoftwareVersion": "v1.0.20190410  GCC6.3.0",
  "DerivedVendorReportedEchoSpacing": 0.000640002,
  "DeviceSerialNumber": "66044",
  "EchoTime": 0.0302,
  "EchoTrainLength": 84,
  "EffectiveEchoSpacing": 0.000640002,
  "FlipAngle": 90,
  "ImageComments": "Unaliased_MB3_PE3_CBPD0212@mackeylab:CBPD_data",
  "ImageOrientationPatientDICOM": [0.993781, 0.0912422, 0.0638224, -0.0969158, 0.991002, 0.0923182],
  "ImageType": [
    "ORIGINAL",
    "PRIMARY",
    "M",
    "MB",
    "ND",
    "MOSAIC"
],
  "ImagingFrequency": 123.263,
  "InPlanePhaseEncodingDirectionDICOM": "COL",
  "InstitutionAddress": "Curie_Blvd._422_Philadelphia_PA_US_19104",
  "InstitutionName": "Hospital_Univ._of_Pennsylvania",
  "MRAcquisitionType": "2D",
  "MagneticFieldStrength": 3,
  "Manufacturer": "Siemens",
  "ManufacturersModelName": "Prisma",
  "Modality": "MR",
  "MultibandAccelerationFactor": 3,
  "PartialFourier": 0.875,
  "PatientPosition": "HFS",
  "PercentPhaseFOV": 100,
  "PhaseEncodingDirection": "j-",
  "PhaseEncodingSteps": 84,
  "PhaseResolution": 1,
  "PixelBandwidth": 1860,
  "ProcedureStepDescription": "CAMRIS_Mackey",
  "ProtocolName": "Mackey_BOLD_piper",
  "PulseSequenceDetails": "%CustomerSeq%_cmrr_mbep2d_bold",
  "ReceiveCoilActiveElements": "HEA;HEP",
  "ReceiveCoilName": "Head_32",
  "ReconMatrixPE": 96,
  "RepetitionTime": 2,
  "SAR": 0.0813251,
  "ScanOptions": "PFP_FS_EXT",
  "ScanningSequence": "EP",
  "SequenceName": "epfid2d1_96",
  "SequenceVariant": "SK_SS",
  "SeriesDescription": "Mackey_BOLD_piper",
  "SeriesNumber": 7,
  "ShimSetting": [3773, 2493, 457, 410, -129, 149, -13, 122],
  "SliceThickness": 2,
  "SliceTiming": [0, 0.08, 0.1575, 0.2375, 0.3175, 0.395, 0.475, 0.555, 0.6325, 0.7125, 0.7925, 0.87, 0.95, 1.03, 1.1075, 1.1875, 1.2675, 1.345, 1.425, 1.505, 1.5825, 1.6625, 1.7425, 1.82, 1.9, 0, 0.08, 0.1575, 0.2375, 0.3175, 0.395, 0.475, 0.555, 0.6325, 0.7125, 0.7925, 0.87, 0.95, 1.03, 1.1075, 1.1875, 1.2675, 1.345, 1.425, 1.505, 1.5825, 1.6625, 1.7425, 1.82, 1.9, 0, 0.08, 0.1575, 0.2375, 0.3175, 0.395, 0.475, 0.555, 0.6325, 0.7125, 0.7925, 0.87, 0.95, 1.03, 1.1075, 1.1875, 1.2675, 1.345, 1.425, 1.505, 1.5825, 1.6625, 1.7425, 1.82, 1.9],
  "SoftwareVersions": "syngo_MR_E11",
  "SpacingBetweenSlices": 2,
  "StationName": "AWP66044",
  "TaskName": "piper",
  "TotalReadoutTime": 0.0608002,
  "TxRefAmp": 217.628,
  "WipMemBlock": "6c8d13de-063b-4aae-af49-1a1cb2fa830b||Sequence: R016 ve11c/master r/e634e98; Dec 19 2017 11:00:25 by eja"
}